GEM
  remote: http://rubygems.org/
  specs:
    rubycue (0.1.0)

PLATFORMS
  ruby

DEPENDENCIES
  rubycue
